GEM
  remote: https://rubygems.org/
  specs:
    colorize (0.5.8)
    sass (3.3.3)
    scss-lint (0.19.0)
      colorize (= 0.5.8)
      sass (~> 3.3.0)

PLATFORMS
  ruby

DEPENDENCIES
  sass (~> 3.3.1)
  scss-lint
